GEM
  remote: http://rubygems.org/
  specs:
    blankslate (2.1.2.4)
    bourbon (4.0.2)
      sass (~> 3.3)
      thor
    celluloid (0.16.0)
      timers (~> 4.0.0)
    classifier-reborn (2.0.2)
      fast-stemmer (= 1.0.2)
    coffee-script (2.3.0)
      coffee-script-source
      execjs
    coffee-script-source (1.8.0)
    colorator (0.1)
    execjs (2.2.2)
    fast-stemmer (1.0.2)
    ffi (1.9.6)
    hitimes (1.2.2)
    jekyll (2.5.2)
      classifier-reborn (~> 2.0)
      colorator (~> 0.1)
      jekyll-coffeescript (~> 1.0)
      jekyll-gist (~> 1.0)
      jekyll-paginate (~> 1.0)
      jekyll-sass-converter (~> 1.0)
      jekyll-watch (~> 1.1)
      kramdown (~> 1.3)
      liquid (~> 2.6.1)
      mercenary (~> 0.3.3)
      pygments.rb (~> 0.6.0)
      redcarpet (~> 3.1)
      safe_yaml (~> 1.0)
      toml (~> 0.1.0)
    jekyll-archives (1.0.0)
      jekyll (~> 2.0)
    jekyll-coffeescript (1.0.1)
      coffee-script (~> 2.2)
    jekyll-gist (1.1.0)
    jekyll-lunr-js-search (0.2.0)
      json (~> 1.8)
      nokogiri (~> 1.6)
      therubyracer (~> 0.12)
    jekyll-paginate (1.1.0)
    jekyll-sass-converter (1.3.0)
      sass (~> 3.2)
    jekyll-watch (1.2.0)
      listen (~> 2.7)
    json (1.8.1)
    kramdown (1.5.0)
    libv8 (3.16.14.7)
    liquid (2.6.1)
    listen (2.8.3)
      celluloid (>= 0.15.2)
      rb-fsevent (>= 0.9.3)
      rb-inotify (>= 0.9)
    mercenary (0.3.5)
    mini_portile (0.6.1)
    neat (1.0.2)
      bourbon (>= 2.1)
      sass (>= 3.2)
    nokogiri (1.6.5)
      mini_portile (~> 0.6.0)
    parslet (1.5.0)
      blankslate (~> 2.0)
    posix-spawn (0.3.9)
    pygments.rb (0.6.0)
      posix-spawn (= 0.3.9)
      yajl-ruby (~> 1.1.0)
    rb-fsevent (0.9.4)
    rb-inotify (0.9.5)
      ffi (= 1.9.6)
    redcarpet (3.2.2)
    ref (1.0.5)
    safe_yaml (1.0.4)
    sass (3.4.9)
    therubyracer (0.12.1)
      libv8 (~> 3.16.14.0)
      ref
    thor (0.19.1)
    timers (4.0.1)
      hitimes
    toml (0.1.2)
      parslet (~> 1.5.0)
    yajl-ruby (1.1.0)

PLATFORMS
  ruby

DEPENDENCIES
  jekyll (~> 2.5.2)
  jekyll-archives
  jekyll-lunr-js-search
  neat (~> 1.0.0)
